GEM
  remote: https://rubygems.org/
  specs:
    httparty (0.13.5)
      json (~> 1.8)
      multi_xml (>= 0.5.2)
    json (1.8.3)
    marky_markov (0.3.5)
      msgpack
    mini_portile (0.6.2)
    msgpack (0.6.2)
    multi_xml (0.5.5)
    nokogiri (1.6.6.2)
      mini_portile (~> 0.6.0)

PLATFORMS
  ruby

DEPENDENCIES
  httparty
  marky_markov
  nokogiri

BUNDLED WITH
   1.10.6
